GEM
  remote: https://rubygems.org/
  specs:
    bashly (0.9.4)
      colsole (~> 0.7)
      completely (~> 0.5.1)
      filewatcher (~> 2.0)
      gtx (~> 0.1.0)
      lp (~> 0.2)
      mister_bin (~> 0.7.2)
      requires (~> 1.0)
    colsole (0.8.2)
    completely (0.5.2)
      colsole (~> 0.6)
      mister_bin (~> 0.7.2)
    docopt (0.6.1)
    filewatcher (2.1.0)
      module_methods (~> 0.1.0)
    gtx (0.1.0)
    lp (0.2.1)
    mister_bin (0.7.3)
      colsole (~> 0.7)
      docopt (~> 0.6)
    module_methods (0.1.0)
    requires (1.0.1)

PLATFORMS
  ruby

DEPENDENCIES
  bashly

BUNDLED WITH
   2.4.5
